STORAGE: NONE
RESTRICTION: || (== net461) (== netstandard2.0)
NUGET
  remote: C:/localnuget
    WebSharper (4.2.11.259)
    WebSharper.FSharp (4.2.11.259)
      WebSharper (4.2.11.259)
    WebSharper.Testing (4.2.11.259)
      WebSharper (4.2.11.259)

GROUP build
RESTRICTION: == net45
NUGET
  remote: https://api.nuget.org/v3/index.json
    Chessie (0.6)
      FSharp.Core
    FAKE (4.64.13)
    FSharp.Compiler.Tools (10.0.2)
    FSharp.Core (4.3.4)
    Mono.Cecil (0.10)
    Newtonsoft.Json (11.0.2)
    Paket.Core (5.141)
      Chessie (>= 0.6)
      FSharp.Compiler.Tools
      FSharp.Core
      Mono.Cecil (>= 0.10.0-beta6)
      Newtonsoft.Json

GROUP wsbuild

GIT
  remote: https://github.com/dotnet-websharper/build-script
     (1fde3d5c3233c63777f1ec9154ddd2e03b8a5530)